GEM
  remote: http://rubygems.org/
  specs:
    crack (0.1.8)
    hashie (0.4.0)
    heroku (2.3.6)
      launchy (>= 0.3.2)
      rest-client (~> 1.6.1)
      term-ansicolor (~> 1.0.5)
    hpricot (0.8.2)
    httparty (0.6.1)
      crack (= 0.1.8)
    launchy (2.0.3)
    mime-types (1.16)
    multi_json (0.0.4)
    oauth (0.4.3)
    rest-client (1.6.3)
      mime-types (>= 1.16)
    term-ansicolor (1.0.6)
    twitter (0.9.12)
      hashie (~> 0.4.0)
      httparty (~> 0.6.1)
      multi_json (~> 0.0.4)
      oauth (~> 0.4.3)

PLATFORMS
  ruby

DEPENDENCIES
  heroku
  hpricot
  twitter
