GEM
  remote: http://rubygems.org/
  specs:
    crack (0.1.8)
    hashie (0.4.0)
    hpricot (0.8.2)
    httparty (0.6.1)
      crack (= 0.1.8)
    multi_json (0.0.4)
    oauth (0.4.3)
    twitter (0.9.12)
      hashie (~> 0.4.0)
      httparty (~> 0.6.1)
      multi_json (~> 0.0.4)
      oauth (~> 0.4.3)

PLATFORMS
  ruby

DEPENDENCIES
  hpricot
  twitter
